GEM
  remote: https://rubygems.org/
  specs:
    RedCloth (4.3.2)
    coderay (1.1.2)
    daemons (1.2.6)
    eventmachine (1.2.7)
    ffi (1.9.25)
    haml (5.0.4)
      temple (>= 0.8.0)
      tilt
    haml-contrib (1.0.0.1)
      haml (>= 3.2.0.alpha.13)
    libxml-ruby (3.1.0)
    method_source (0.9.0)
    mustermann (1.0.3)
    pry (0.11.3)
      coderay (~> 1.1.0)
      method_source (~> 0.9.0)
    rack (2.0.5)
    rack-protection (2.0.4)
      rack
    rb-fsevent (0.10.3)
    rb-inotify (0.9.10)
      ffi (>= 0.5.0, < 2)
    sass (3.6.0)
      sass-listen (~> 4.0.0)
    sass-listen (4.0.0)
      rb-fsevent (~> 0.9, >= 0.9.4)
      rb-inotify (~> 0.9, >= 0.9.7)
    shotgun (0.9.2)
      rack (>= 1.0)
    sinatra (2.0.4)
      mustermann (~> 1.0)
      rack (~> 2.0)
      rack-protection (= 2.0.4)
      tilt (~> 2.0)
    temple (0.8.0)
    thin (1.7.2)
      daemons (~> 1.0, >= 1.0.9)
      eventmachine (~> 1.0, >= 1.0.4)
      rack (>= 1, < 3)
    tilt (2.0.8)
    yard (0.9.16)

PLATFORMS
  ruby

DEPENDENCIES
  RedCloth
  bundler
  haml
  haml-contrib
  libxml-ruby
  pry
  rack
  sass
  shotgun
  sinatra
  thin
  tilt
  yard

RUBY VERSION
   ruby 2.5.1p57

BUNDLED WITH
   1.16.2
